GEM
  remote: http://rubygems.org/
  specs:
    bouncy-castle-java (1.5.0147)
    jenkins-plugin-runtime (0.2.3)
      json
      slop (~> 3.0.2)
    jruby-openssl (0.8.4)
      bouncy-castle-java (>= 1.5.0147)
    json (1.7.6-java)
    slop (3.0.4)

PLATFORMS
  java

DEPENDENCIES
  jenkins-plugin-runtime (~> 0.2.3)
  jruby-openssl (~> 0.8.4)
